GEM
  remote: https://rubygems.org/
  specs:
    concurrent-ruby (1.0.5)
    dry-auto_inject (0.4.3)
      dry-container (>= 0.3.4)
    dry-configurable (0.7.0)
      concurrent-ruby (~> 1.0)
    dry-container (0.6.0)
      concurrent-ruby (~> 1.0)
      dry-configurable (~> 0.1, >= 0.1.3)
    faraday (0.11.0)
      multipart-post (>= 1.2, < 3)
    multipart-post (2.0.0)
    pg (0.21.0)
    rake (12.0.0)
    sequel (4.48.0)

PLATFORMS
  ruby

DEPENDENCIES
  dry-auto_inject
  dry-container
  faraday
  pg
  rake
  sequel

RUBY VERSION
   ruby 2.4.1p111

BUNDLED WITH
   1.15.3
